GEM
  remote: https://rubygems.org/
  specs:
    rack (1.6.4)
    sass (3.4.18)

PLATFORMS
  ruby

DEPENDENCIES
  rack
  sass

BUNDLED WITH
   1.10.5
